GEM
  remote: https://rubygems.org/
  specs:
    coderay (1.1.2)
    json (2.2.0)
    method_source (0.9.2)
    pry (0.12.2)
      coderay (~> 1.1.0)
      method_source (~> 0.9.0)
    rake (12.3.2)
    rb-readline (0.5.5)

PLATFORMS
  ruby

DEPENDENCIES
  json
  pry
  rake
  rb-readline

BUNDLED WITH
   1.16.6
